GEM
  specs:
    diff-lcs (1.1.3)
    multi_json (1.3.7)
    rspec (2.12.0)
      rspec-core (~> 2.12.0)
      rspec-expectations (~> 2.12.0)
      rspec-mocks (~> 2.12.0)
    rspec-core (2.12.0)
    rspec-expectations (2.12.0)
      diff-lcs (~> 1.1.3)
    rspec-given (2.2.1)
      rspec (> 1.2.8)
    rspec-mocks (2.12.0)
    simplecov (0.7.1)
      multi_json (~> 1.0)
      simplecov-html (~> 0.7.1)
    simplecov-html (0.7.1)

PLATFORMS
  ruby

DEPENDENCIES
  rspec-given (= 2.2.1)
  simplecov
